GEM
  remote: https://rubygems.org/
  specs:
    activesupport (5.2.0)
      concurrent-ruby (~> 1.0, >= 1.0.2)
      i18n (>= 0.7, < 2)
      minitest (~> 5.1)
      tzinfo (~> 1.1)
    bond (0.5.1)
    concurrent-ruby (1.0.5)
    crass (1.0.4)
    i18n (1.0.1)
      concurrent-ruby (~> 1.0)
    kramdown (1.17.0)
    loofah (2.2.2)
      crass (~> 1.0.2)
      nokogiri (>= 1.5.9)
    mini_portile2 (2.4.0)
    minitest (5.11.3)
    mustermann (1.0.2)
    nokogiri (1.10.8)
      mini_portile2 (~> 2.4.0)
    pp (0.1.1)
    rack (2.0.5)
    rack-protection (2.0.3)
      rack
    redcarpet (3.4.0)
    sinatra (2.0.3)
      mustermann (~> 1.0)
      rack (~> 2.0)
      rack-protection (= 2.0.3)
      tilt (~> 2.0)
    thread_safe (0.3.6)
    tilt (2.0.8)
    tzinfo (1.2.5)
      thread_safe (~> 0.1)

PLATFORMS
  ruby

DEPENDENCIES
  activesupport!
  bond!
  kramdown!
  loofah!
  nokogiri!
  pp!
  redcarpet!
  sinatra!

BUNDLED WITH
   2.0.1
